GEM
  specs:
    diff-lcs (1.1.3)
    highline (1.6.15)
    rspec (2.11.0)
      rspec-core (~> 2.11.0)
      rspec-expectations (~> 2.11.0)
      rspec-mocks (~> 2.11.0)
    rspec-core (2.11.1)
    rspec-expectations (2.11.3)
      diff-lcs (~> 1.1.3)
    rspec-mocks (2.11.3)
    ruby-termios (0.9.6)

PLATFORMS
  ruby

DEPENDENCIES
  highline
  rspec (~> 2.11.0)
  ruby-termios
